!INTERFILE  :=
!imaging modality := PT
!version of keys := STIR6.0
name of data file := activity.v
!GENERAL DATA :=
!GENERAL IMAGE DATA :=
!type of data := PET
imagedata byte order := LITTLEENDIAN
number of radionuclides := 1
!PET STUDY (General) :=
!PET data type := Image
process status := Reconstructed
!number format := float
!number of bytes per pixel := 4
number of dimensions := 3
matrix axis label [1] := x
!matrix size [1] := 201
scaling factor (mm/pixel) [1] := 4
matrix axis label [2] := y
!matrix size [2] := 201
scaling factor (mm/pixel) [2] := 4
matrix axis label [3] := z
!matrix size [3] := 100
scaling factor (mm/pixel) [3] := 4.0625
first pixel offset (mm) [1] := -400
first pixel offset (mm) [2] := -400
first pixel offset (mm) [3] := 0
number of time frames := 1
!END OF INTERFILE :=
