!INTERFILE  :=
!name of data file := BasicShape.v
!total number of images := 47
!data offset in bytes := 0
!imagedata byte order := LITTLEENDIAN
!number format := short float
!number of bytes per pixel := 4
matrix axis label [1] := x
!matrix size [1] := 180
scaling factor (mm/pixel) [1] := 3
matrix axis label [2] := y
!matrix size [2] := 180
scaling factor (mm/pixel) [2] := 3
;Correct value is of keyword (commented out)
;!slice thickness (pixels) := 1.09
;Value for Analyze
!slice thickness (pixels) := 3.27
!END OF INTERFILE :=
